GEM
  remote: https://rubygems.org/
  specs:
    aws-sdk (2.9.37)
      aws-sdk-resources (= 2.9.37)
    aws-sdk-core (2.9.37)
      aws-sigv4 (~> 1.0)
      jmespath (~> 1.0)
    aws-sdk-resources (2.9.37)
      aws-sdk-core (= 2.9.37)
    aws-sigv4 (1.0.0)
    dotenv (2.2.1)
    jmespath (1.3.1)

PLATFORMS
  ruby

DEPENDENCIES
  aws-sdk
  dotenv

BUNDLED WITH
   1.15.1
